PATH
  remote: .
  specs:
    wings (0.0.1)
      rack (>= 1.6.4)

GEM
  remote: https://rubygems.org/
  specs:
    coderay (1.1.2)
    method_source (0.9.2)
    minitest (5.11.3)
    pry (0.12.2)
      coderay (~> 1.1.0)
      method_source (~> 0.9.0)
    rack (2.0.7)
    rack-test (1.1.0)
      rack (>= 1.0, < 3)
    rake (10.5.0)
    rr (1.2.1)

PLATFORMS
  ruby

DEPENDENCIES
  bundler (~> 2.0)
  minitest (~> 5.0)
  pry (~> 0.12.2)
  rack-test (~> 1.1)
  rake (~> 10.0)
  rr (~> 1.2)
  wings!

BUNDLED WITH
   2.0.2
